GEM
  remote: https://rubygems.org/
  specs:
    google-protobuf (3.20.0-x86_64-linux)
    googleapis-common-protos-types (1.3.0)
      google-protobuf (~> 3.14)
    grpc (1.45.0)
      google-protobuf (~> 3.19)
      googleapis-common-protos-types (~> 1.0)
    grpc-tools (1.45.0)

PLATFORMS
  x86_64-linux

DEPENDENCIES
  grpc
  grpc-tools

RUBY VERSION
   ruby 3.1.0p0

BUNDLED WITH
   2.3.3
